GEM
  remote: https://rubygems.org/
  specs:
    ffi (1.9.23)
    json (2.1.0)
    minitest (5.11.3)
    rbnacl (5.0.0)
      ffi
    rbnacl-libsodium (1.0.16)
      rbnacl (>= 3.0.1)

PLATFORMS
  ruby

DEPENDENCIES
  json
  minitest
  rbnacl-libsodium

BUNDLED WITH
   1.16.1
